GIT
  remote: git://github.com/bcg/em-spec.git
  revision: e44d67847794d317078cf357271863447d26c8c5
  specs:
    em-spec (0.2.2)

GIT
  remote: git://github.com/whatupdave/em-hiredis.git
  revision: 6d8d4b0b3c42d5dd53cc2ebc6b94a856cf4d4ad1
  specs:
    em-hiredis (0.1.0)
      hiredis (~> 0.3.0)

GEM
  remote: http://rubygems.org/
  specs:
    addressable (2.2.7)
    daemons (1.1.8)
    diff-lcs (1.1.3)
    em-http-request (0.3.0)
      addressable (>= 2.0.0)
      escape_utils
      eventmachine (>= 0.12.9)
    em-websocket (0.3.6)
      addressable (>= 2.1.1)
      eventmachine (>= 0.12.9)
    em-websocket-client (0.1.1)
      eventmachine
      libwebsocket
    escape_utils (0.2.4)
    eventmachine (0.12.10)
    hiredis (0.3.2)
    json (1.6.3)
    libwebsocket (0.1.1)
    rack (1.4.1)
    rack-protection (1.2.0)
      rack
    rake (0.9.2.2)
    rspec (2.8.0)
      rspec-core (~> 2.8.0)
      rspec-expectations (~> 2.8.0)
      rspec-mocks (~> 2.8.0)
    rspec-core (2.8.0)
    rspec-expectations (2.8.0)
      diff-lcs (~> 1.1.2)
    rspec-mocks (2.8.0)
    sinatra (1.3.2)
      rack (~> 1.3, >= 1.3.6)
      rack-protection (~> 1.2)
      tilt (~> 1.3, >= 1.3.3)
    thin (1.3.1)
      daemons (>= 1.0.9)
      eventmachine (>= 0.12.6)
      rack (>= 1.0.0)
    tilt (1.3.3)

PLATFORMS
  ruby

DEPENDENCIES
  em-hiredis!
  em-http-request
  em-spec!
  em-websocket
  em-websocket-client (~> 0.1.1)
  eventmachine
  json
  rake
  rspec
  sinatra
  thin
